GEM
  remote: https://rubygems.org/
  specs:
    aws-sdk (2.2.31)
      aws-sdk-resources (= 2.2.31)
    aws-sdk-core (2.2.31)
      jmespath (~> 1.0)
    aws-sdk-resources (2.2.31)
      aws-sdk-core (= 2.2.31)
    jmespath (1.2.3)
      json_pure (>= 1.8.1)
    json_pure (1.8.3)
    rubyzip (1.2.0)

PLATFORMS
  ruby

DEPENDENCIES
  aws-sdk (~> 2)
  rubyzip (>= 1.0.0)

BUNDLED WITH
   1.11.2
